GEM
  remote: https://rubygems.org/
  specs:
    aws-sdk (1.22.0)
      json (~> 1.4)
      nokogiri (>= 1.4.4, < 1.6.0)
      uuidtools (~> 2.1)
    faraday (0.8.8)
      multipart-post (~> 1.2.0)
    haml (3.1.8)
    json (1.8.1)
    multi_json (1.7.7)
    multipart-post (1.2.0)
    nokogiri (1.5.10)
    rack (1.5.2)
    simple_oauth (0.2.0)
    sinatra (1.1.0)
      rack (~> 1.1)
      tilt (~> 1.1)
    tilt (1.4.1)
    twitter (4.8.1)
      faraday (~> 0.8, < 0.10)
      multi_json (~> 1.0)
      simple_oauth (~> 0.2)
    uuidtools (2.1.4)

PLATFORMS
  ruby

DEPENDENCIES
  aws-sdk
  haml
  sinatra (= 1.1.0)
  twitter
